REDIRECTS: ON
FRAMEWORK: >= NET45
NUGET
  remote: https://www.nuget.org/api/v2
  specs:
    FSharp.Control.AsyncSeq (2.0.8)
    FSharp.Core (4.0.0.1)
    FSharpx.Collections (1.14)
      FSharp.Core (>= 3.0)
    Microsoft.Azure.KeyVault.Core (1.0)
    Microsoft.Data.Edm (5.7)
    Microsoft.Data.OData (5.7)
      Microsoft.Data.Edm (5.7)
      System.Spatial (5.7)
    Microsoft.Data.Services.Client (5.7)
      Microsoft.Data.OData (5.7)
    Newtonsoft.Json (8.0.3)
    Streamstone (0.9.8)
      WindowsAzure.Storage (>= 6.1)
    System.Spatial (5.7)
    WindowsAzure.Storage (7.0)
      Microsoft.Azure.KeyVault.Core (>= 1.0)
      Microsoft.Data.OData (>= 5.6.4)
      Microsoft.Data.Services.Client (>= 5.6.4)
      Newtonsoft.Json (>= 6.0.8)
