REDIRECTS: ON
FRAMEWORK: >= NET45
NUGET
  remote: https://www.nuget.org/api/v2
  specs:
    EventStore.Client (3.5.2) - framework: >= net452
    FSharp.Core (4.0.0.1)
    Newtonsoft.Json (8.0.3)
    Newtonsoft.Json.FSharp (3.2.2)
      FSharp.Core (>= 3.1.2.1)
      Newtonsoft.Json (>= 6.0.8)
      NodaTime (>= 1.3)
    NodaTime (1.3.2)
